GEM
  remote: https://rubygems.org/
  specs:
    daemons (1.1.9)
    eventmachine (1.0.3)
    haml (4.0.3)
      tilt
    mail (2.5.4)
      mime-types (~> 1.16)
      treetop (~> 1.4.8)
    mime-types (1.23)
    polyglot (0.3.3)
    rack (1.5.2)
    rack-protection (1.5.0)
      rack
    sinatra (1.4.3)
      rack (~> 1.4)
      rack-protection (~> 1.4)
      tilt (~> 1.3, >= 1.3.4)
    sinatra-flash (0.3.0)
      sinatra (>= 1.0.0)
    thin (1.5.1)
      daemons (>= 1.0.9)
      eventmachine (>= 0.12.6)
      rack (>= 1.0.0)
    tilt (1.4.1)
    treetop (1.4.12)
      polyglot
      polyglot (>= 0.3.1)

PLATFORMS
  ruby

DEPENDENCIES
  haml
  mail
  sinatra
  sinatra-flash
  thin
